PATH
  remote: .
  specs:
    git-status_all (0.1.0)
      colorize
      git (~> 1.3)
      trollop

GEM
  remote: https://rubygems.org/
  specs:
    colorize (0.8.1)
    git (1.3.0)
    rake (10.5.0)
    trollop (2.1.2)

PLATFORMS
  ruby

DEPENDENCIES
  bundler (~> 1.12)
  git-status_all!
  rake (~> 10.0)

BUNDLED WITH
   1.12.5
